GEM
  remote: https://rubygems.org/
  specs:
    chunky_png (1.4.0)
    rexml (3.4.0)
    ruby-graphviz (1.2.5)
      rexml

PLATFORMS
  arm64-darwin-22

DEPENDENCIES
  chunky_png
  ruby-graphviz

BUNDLED WITH
   2.4.4
