GEM
  remote: https://rubygems.org/
  specs:
    byebug (11.1.3)
    chunky_png (1.4.0)

PLATFORMS
  arm64-darwin-22

DEPENDENCIES
  byebug
  chunky_png

BUNDLED WITH
   2.4.4
